GEM
  remote: https://ruby.taobao.org/
  specs:
    erb2haml (0.1.5)
      html2haml
    erubis (2.7.0)
    haml (4.0.7)
      tilt
    html2haml (2.0.0)
      erubis (~> 2.7.0)
      haml (~> 4.0.0)
      nokogiri (~> 1.6.0)
      ruby_parser (~> 3.5)
    mini_portile2 (2.0.0)
    nokogiri (1.6.7)
      mini_portile2 (~> 2.0.0.rc2)
    rack (1.6.4)
    rack-protection (1.5.3)
      rack
    ruby_parser (3.7.2)
      sexp_processor (~> 4.1)
    sexp_processor (4.6.0)
    sinatra (1.4.6)
      rack (~> 1.4)
      rack-protection (~> 1.4)
      tilt (>= 1.3, < 3)
    tilt (2.0.1)

PLATFORMS
  ruby

DEPENDENCIES
  erb2haml
  sinatra
